GEM
  remote: https://rubygems.org/
  specs:
    ruby-progressbar (1.4.1)

PLATFORMS
  ruby

DEPENDENCIES
  ruby-progressbar
